PATH
  remote: .
  specs:
    cloud_server_analytics (0.0.1)
      gli

GEM
  remote: http://rubygems.org/
  specs:
    activemodel (3.2.3)
      activesupport (= 3.2.3)
      builder (~> 3.0.0)
    activerecord (3.2.3)
      activemodel (= 3.2.3)
      activesupport (= 3.2.3)
      arel (~> 3.0.2)
      tzinfo (~> 0.3.29)
    activesupport (3.2.3)
      i18n (~> 0.6)
      multi_json (~> 1.0)
    amazon-ec2 (0.9.17)
      xml-simple (>= 1.0.12)
    arel (3.0.2)
    builder (3.0.0)
    chronic (0.6.7)
    gli (1.6.0)
    i18n (0.6.0)
    json (1.7.1)
    multi_json (1.3.4)
    pg (0.13.2)
    rake (0.9.2.2)
    rdoc (3.12)
      json (~> 1.4)
    tzinfo (0.3.33)
    whenever (0.7.3)
      activesupport (>= 2.3.4)
      chronic (~> 0.6.3)
    xml-simple (1.1.1)

PLATFORMS
  ruby

DEPENDENCIES
  activerecord
  amazon-ec2
  cloud_server_analytics!
  pg
  rake
  rdoc
  whenever
