PATH
  remote: .
  specs:
    cloud_server_analytics (0.0.1)
      gli

GEM
  remote: http://rubygems.org/
  specs:
    activemodel (3.2.3)
      activesupport (= 3.2.3)
      builder (~> 3.0.0)
    activerecord (3.2.3)
      activemodel (= 3.2.3)
      activesupport (= 3.2.3)
      arel (~> 3.0.2)
      tzinfo (~> 0.3.29)
    activesupport (3.2.3)
      i18n (~> 0.6)
      multi_json (~> 1.0)
    arel (3.0.2)
    aws-sdk (1.5.1)
      httparty (~> 0.7)
      json (~> 1.4)
      nokogiri (>= 1.4.4)
      uuidtools (~> 2.1)
    builder (3.0.0)
    gli (1.6.0)
    httparty (0.8.3)
      multi_json (~> 1.0)
      multi_xml
    i18n (0.6.0)
    json (1.7.1)
    multi_json (1.3.4)
    multi_xml (0.5.1)
    nokogiri (1.5.2)
    pg (0.13.2)
    rake (0.9.2.2)
    rdoc (3.12)
      json (~> 1.4)
    tzinfo (0.3.33)
    uuidtools (2.1.2)

PLATFORMS
  ruby

DEPENDENCIES
  activerecord
  aws-sdk
  cloud_server_analytics!
  pg
  rake
  rdoc
